PATH
  remote: .
  specs:
    ferret (0.0.1)
      activemodel (>= 4.0.0)
      activesupport (>= 4.0.0)
      mongo (>= 1.9)

GEM
  remote: https://rubygems.org/
  specs:
    activemodel (4.0.0)
      activesupport (= 4.0.0)
      builder (~> 3.1.0)
    activesupport (4.0.0)
      i18n (~> 0.6, >= 0.6.4)
      minitest (~> 4.2)
      multi_json (~> 1.3)
      thread_safe (~> 0.1)
      tzinfo (~> 0.3.37)
    atomic (1.1.9-java)
    bson (1.9.0-java)
    builder (3.1.4)
    i18n (0.6.4)
    minitest (4.7.5)
    mongo (1.9.0)
      bson (~> 1.9.0)
    multi_json (1.7.7)
    rake (10.1.0)
    thread_safe (0.1.0)
      atomic
    tzinfo (0.3.37)

PLATFORMS
  java

DEPENDENCIES
  bundler (~> 1.3)
  ferret!
  rake
